GEM
  remote: https://rubygems.org/
  specs:
    flickr (1.0.2)
      xml-simple (>= 1.0.7)
    json (1.8.3)
    rack (1.6.4)
    rack-protection (1.5.3)
      rack
    sinatra (1.4.6)
      rack (~> 1.4)
      rack-protection (~> 1.4)
      tilt (>= 1.3, < 3)
    tilt (2.0.1)
    xml-simple (1.1.5)

PLATFORMS
  ruby

DEPENDENCIES
  flickr
  json
  sinatra

BUNDLED WITH
   1.10.6
